PATH
  remote: .
  specs:
    internator (0.1.1)

GEM
  remote: https://rubygems.org/
  specs:
    rake (13.3.0)

PLATFORMS
  ruby
  x86_64-linux

DEPENDENCIES
  bundler (~> 2.0)
  internator!
  rake

BUNDLED WITH
   2.5.23
